GEM
  remote: http://rubygems.org/
  specs:
    actioncable (6.1.7.3)
      actionpack (= 6.1.7.3)
      activesupport (= 6.1.7.3)
      nio4r (~> 2.0)
      websocket-driver (>= 0.6.1)
    actionmailbox (6.1.7.3)
      actionpack (= 6.1.7.3)
      activejob (= 6.1.7.3)
      activerecord (= 6.1.7.3)
      activestorage (= 6.1.7.3)
      activesupport (= 6.1.7.3)
      mail (>= 2.7.1)
    actionmailer (6.1.7.3)
      actionpack (= 6.1.7.3)
      actionview (= 6.1.7.3)
      activejob (= 6.1.7.3)
      activesupport (= 6.1.7.3)
      mail (~> 2.5, >= 2.5.4)
      rails-dom-testing (~> 2.0)
    actionpack (6.1.7.3)
      actionview (= 6.1.7.3)
      activesupport (= 6.1.7.3)
      rack (~> 2.0, >= 2.0.9)
      rack-test (>= 0.6.3)
      rails-dom-testing (~> 2.0)
      rails-html-sanitizer (~> 1.0, >= 1.2.0)
    actiontext (6.1.7.3)
      actionpack (= 6.1.7.3)
      activerecord (= 6.1.7.3)
      activestorage (= 6.1.7.3)
      activesupport (= 6.1.7.3)
      nokogiri (>= 1.8.5)
    actionview (6.1.7.3)
      activesupport (= 6.1.7.3)
      builder (~> 3.1)
      erubi (~> 1.4)
      rails-dom-testing (~> 2.0)
      rails-html-sanitizer (~> 1.1, >= 1.2.0)
    activejob (6.1.7.3)
      activesupport (= 6.1.7.3)
      globalid (>= 0.3.6)
    activemodel (6.1.7.3)
      activesupport (= 6.1.7.3)
    activerecord (6.1.7.3)
      activemodel (= 6.1.7.3)
      activesupport (= 6.1.7.3)
    activestorage (6.1.7.3)
      actionpack (= 6.1.7.3)
      activejob (= 6.1.7.3)
      activerecord (= 6.1.7.3)
      activesupport (= 6.1.7.3)
      marcel (~> 1.0)
      mini_mime (>= 1.1.0)
    activesupport (6.1.7.3)
      concurrent-ruby (~> 1.0, >= 1.0.2)
      i18n (>= 1.6, < 2)
      minitest (>= 5.1)
      tzinfo (~> 2.0)
      zeitwerk (~> 2.3)
    addressable (2.8.1)
      public_suffix (>= 2.0.2, < 6.0)
    airbrussh (1.4.1)
      sshkit (>= 1.6.1, != 1.7.0)
    autoprefixer-rails (10.4.13.0)
      execjs (~> 2)
    bcrypt (3.1.18)
    bootstrap-sass (3.3.7)
      autoprefixer-rails (>= 5.2.1)
      sass (>= 3.3.4)
    builder (3.2.4)
    capistrano (3.17.2)
      airbrussh (>= 1.0.0)
      i18n
      rake (>= 10.0.0)
      sshkit (>= 1.9.0)
    capistrano-bundler (1.1.4)
      capistrano (~> 3.1)
      sshkit (~> 1.2)
    capistrano-chruby (0.1.2)
      capistrano (~> 3.0)
      sshkit (~> 1.3)
    capistrano-rails (1.1.3)
      capistrano (~> 3.1)
      capistrano-bundler (~> 1.1)
    capybara (2.18.0)
      addressable
      mini_mime (>= 0.1.3)
      nokogiri (>= 1.3.3)
      rack (>= 1.0.0)
      rack-test (>= 0.5.4)
      xpath (>= 2.0, < 4.0)
    climate_control (0.2.0)
    cliver (0.3.2)
    coderay (1.1.3)
    coffee-script (2.4.1)
      coffee-script-source
      execjs
    coffee-script-source (1.12.2)
    concurrent-ruby (1.2.2)
    connection_pool (2.3.0)
    crass (1.0.6)
    database_cleaner (2.0.2)
      database_cleaner-active_record (>= 2, < 3)
    database_cleaner-active_record (2.1.0)
      activerecord (>= 5.a)
      database_cleaner-core (~> 2.0.0)
    database_cleaner-core (2.0.1)
    date (3.3.3)
    devise (4.9.0)
      bcrypt (~> 3.0)
      orm_adapter (~> 0.1)
      railties (>= 4.1.0)
      responders
      warden (~> 1.2.3)
    diff-lcs (1.5.0)
    dotenv (2.8.1)
    dotenv-rails (2.8.1)
      dotenv (= 2.8.1)
      railties (>= 3.2)
    email_spec (2.2.1)
      htmlentities (~> 4.3.3)
      launchy (~> 2.1)
      mail (~> 2.7)
    erubi (1.12.0)
    execjs (2.8.1)
    factory_bot (6.2.1)
      activesupport (>= 5.0.0)
    factory_bot_rails (6.2.0)
      factory_bot (~> 6.2.0)
      railties (>= 5.0.0)
    ffi (1.15.5)
    globalid (1.1.0)
      activesupport (>= 5.0)
    htmlentities (4.3.4)
    i18n (1.12.0)
      concurrent-ruby (~> 1.0)
    jbuilder (2.11.5)
      actionview (>= 5.0.0)
      activesupport (>= 5.0.0)
    jquery-rails (4.5.1)
      rails-dom-testing (>= 1, < 3)
      railties (>= 4.2.0)
      thor (>= 0.14, < 2.0)
    kgio (2.11.4)
    launchy (2.5.2)
      addressable (~> 2.8)
    loofah (2.19.1)
      crass (~> 1.0.2)
      nokogiri (>= 1.5.9)
    mail (2.8.1)
      mini_mime (>= 0.1.1)
      net-imap
      net-pop
      net-smtp
    marcel (1.0.2)
    method_source (1.0.0)
    mime-types (3.4.1)
      mime-types-data (~> 3.2015)
    mime-types-data (3.2023.0218.1)
    mimemagic (0.3.10)
      nokogiri (~> 1)
      rake
    mini_mime (1.1.2)
    minitest (5.18.0)
    multi_json (1.15.0)
    net-imap (0.3.4)
      date
      net-protocol
    net-pop (0.1.2)
      net-protocol
    net-protocol (0.2.1)
      timeout
    net-scp (4.0.0)
      net-ssh (>= 2.6.5, < 8.0.0)
    net-smtp (0.3.3)
      net-protocol
    net-ssh (7.1.0)
    nio4r (2.5.8)
    nokogiri (1.14.2-x86_64-linux)
      racc (~> 1.4)
    orm_adapter (0.5.0)
    paperclip (6.1.0)
      activemodel (>= 4.2.0)
      activesupport (>= 4.2.0)
      mime-types
      mimemagic (~> 0.3.0)
      terrapin (~> 0.6.0)
    pg (1.4.6)
    poltergeist (1.6.0)
      capybara (~> 2.1)
      cliver (~> 0.3.1)
      multi_json (~> 1.0)
      websocket-driver (>= 0.2.0)
    pry (0.14.2)
      coderay (~> 1.1)
      method_source (~> 1.0)
    pry-rails (0.3.9)
      pry (>= 0.10.4)
    public_suffix (5.0.1)
    puma (5.6.5)
      nio4r (~> 2.0)
    pygments.rb (2.3.1)
    racc (1.6.2)
    rack (2.2.6.4)
    rack-proxy (0.7.6)
      rack
    rack-test (2.1.0)
      rack (>= 1.3)
    rails (6.1.7.3)
      actioncable (= 6.1.7.3)
      actionmailbox (= 6.1.7.3)
      actionmailer (= 6.1.7.3)
      actionpack (= 6.1.7.3)
      actiontext (= 6.1.7.3)
      actionview (= 6.1.7.3)
      activejob (= 6.1.7.3)
      activemodel (= 6.1.7.3)
      activerecord (= 6.1.7.3)
      activestorage (= 6.1.7.3)
      activesupport (= 6.1.7.3)
      bundler (>= 1.15.0)
      railties (= 6.1.7.3)
      sprockets-rails (>= 2.0.0)
    rails-dom-testing (2.0.3)
      activesupport (>= 4.2.0)
      nokogiri (>= 1.6)
    rails-html-sanitizer (1.5.0)
      loofah (~> 2.19, >= 2.19.1)
    railties (6.1.7.3)
      actionpack (= 6.1.7.3)
      activesupport (= 6.1.7.3)
      method_source
      rake (>= 12.2)
      thor (~> 1.0)
    raindrops (0.20.1)
    rake (13.0.6)
    rb-fsevent (0.11.2)
    rb-inotify (0.10.1)
      ffi (~> 1.0)
    redcarpet (3.6.0)
    redis (3.3.5)
    redis-activesupport (5.3.0)
      activesupport (>= 3, < 8)
      redis-store (>= 1.3, < 2)
    redis-store (1.6.0)
      redis (>= 2.2, < 5)
    responders (3.1.0)
      actionpack (>= 5.2)
      railties (>= 5.2)
    rspec-core (3.5.4)
      rspec-support (~> 3.5.0)
    rspec-expectations (3.5.0)
      diff-lcs (>= 1.2.0, < 2.0)
      rspec-support (~> 3.5.0)
    rspec-mocks (3.5.0)
      diff-lcs (>= 1.2.0, < 2.0)
      rspec-support (~> 3.5.0)
    rspec-rails (3.5.2)
      actionpack (>= 3.0)
      activesupport (>= 3.0)
      railties (>= 3.0)
      rspec-core (~> 3.5.0)
      rspec-expectations (~> 3.5.0)
      rspec-mocks (~> 3.5.0)
      rspec-support (~> 3.5.0)
    rspec-support (3.5.0)
    sass (3.7.4)
      sass-listen (~> 4.0.0)
    sass-listen (4.0.0)
      rb-fsevent (~> 0.9, >= 0.9.4)
      rb-inotify (~> 0.9, >= 0.9.7)
    sass-rails (6.0.0)
      sassc-rails (~> 2.1, >= 2.1.1)
    sassc (2.4.0)
      ffi (~> 1.9)
    sassc-rails (2.1.2)
      railties (>= 4.0.0)
      sassc (>= 2.0)
      sprockets (> 3.0)
      sprockets-rails
      tilt
    sidekiq (4.1.2)
      concurrent-ruby (~> 1.0)
      connection_pool (~> 2.2, >= 2.2.0)
      redis (~> 3.2, >= 3.2.1)
    simple_form (5.2.0)
      actionpack (>= 5.2)
      activemodel (>= 5.2)
    sprockets (4.2.0)
      concurrent-ruby (~> 1.0)
      rack (>= 2.2.4, < 4)
    sprockets-rails (3.4.2)
      actionpack (>= 5.2)
      activesupport (>= 5.2)
      sprockets (>= 3.0.0)
    sshkit (1.21.4)
      net-scp (>= 1.1.2)
      net-ssh (>= 2.8.0)
    terrapin (0.6.0)
      climate_control (>= 0.0.3, < 1.0)
    thor (1.2.1)
    tilt (2.1.0)
    timeout (0.3.2)
    turbolinks (5.2.1)
      turbolinks-source (~> 5.2)
    turbolinks-source (5.2.0)
    tzinfo (2.0.6)
      concurrent-ruby (~> 1.0)
    unicorn (6.1.0)
      kgio (~> 2.6)
      raindrops (~> 0.7)
    warden (1.2.9)
      rack (>= 2.0.9)
    webpacker (4.3.0)
      activesupport (>= 4.2)
      rack-proxy (>= 0.6.1)
      railties (>= 4.2)
    websocket-driver (0.7.5)
      websocket-extensions (>= 0.1.0)
    websocket-extensions (0.1.5)
    xpath (3.2.0)
      nokogiri (~> 1.8)
    zeitwerk (2.6.7)

PLATFORMS
  x86_64-linux

DEPENDENCIES
  bootstrap-sass (~> 3.3.6)
  capistrano (~> 3.0)
  capistrano-bundler (= 1.1.4)
  capistrano-chruby
  capistrano-rails (= 1.1.3)
  capybara (~> 2.0)
  coffee-script
  database_cleaner
  devise (~> 4.9)
  dotenv-rails
  email_spec
  factory_bot_rails
  jbuilder (~> 2.7)
  jquery-rails
  launchy
  nokogiri
  paperclip
  pg (~> 1.1)
  poltergeist (= 1.6.0)
  pry
  pry-rails
  puma (~> 5.0)
  pygments.rb (~> 2.3, >= 2.3.1)
  rails (~> 6.1.7, >= 6.1.7.3)
  redcarpet
  redis (~> 3.2, >= 3.2.1)
  redis-activesupport
  rspec-rails (~> 3.5.0)
  sass-rails (>= 6)
  sidekiq (= 4.1.2)
  simple_form (~> 5.2)
  turbolinks (~> 5)
  tzinfo-data
  unicorn
  webpacker (~> 4.x)

RUBY VERSION
   ruby 3.0.3p157

BUNDLED WITH
   2.3.6
